GEM
  remote: https://rubygems.org/
  specs:
    actionview (7.1.3.4)
      activesupport (= 7.1.3.4)
      builder (~> 3.1)
      erubi (~> 1.11)
      rails-dom-testing (~> 2.2)
      rails-html-sanitizer (~> 1.6)
    activemodel (7.1.3.4)
      activesupport (= 7.1.3.4)
    activerecord (7.1.3.4)
      activemodel (= 7.1.3.4)
      activesupport (= 7.1.3.4)
      timeout (>= 0.4.0)
    activesupport (7.1.3.4)
      base64
      bigdecimal
      concurrent-ruby (~> 1.0, >= 1.0.2)
      connection_pool (>= 2.2.5)
      drb
      i18n (>= 1.6, < 2)
      minitest (>= 5.1)
      mutex_m
      tzinfo (~> 2.0)
    addressable (2.8.6)
      public_suffix (>= 2.0.2, < 6.0)
    ast (2.4.2)
    async (2.10.2)
      console (~> 1.10)
      fiber-annotation
      io-event (~> 1.5, >= 1.5.1)
      timers (~> 4.1)
    async-http (0.65.1)
      async (>= 2.10.2)
      async-pool (>= 0.6.1)
      io-endpoint (~> 0.10)
      io-stream (~> 0.4)
      protocol-http (~> 0.26.0)
      protocol-http1 (~> 0.19.0)
      protocol-http2 (~> 0.17.0)
      traces (>= 0.10.0)
    async-http-faraday (0.14.0)
      async-http (~> 0.42)
      faraday
    async-pool (0.6.1)
      async (>= 1.25)
    base64 (0.2.0)
    bigdecimal (3.1.8)
    builder (3.2.4)
    concurrent-ruby (1.3.1)
    config (5.5.1)
      deep_merge (~> 1.2, >= 1.2.1)
    connection_pool (2.4.1)
    console (1.24.0)
      fiber-annotation
      fiber-local
      json
    crass (1.0.6)
    deep_merge (1.2.2)
    drb (2.2.1)
    erubi (1.12.0)
    faraday (2.9.1)
      faraday-net_http (>= 2.0, < 3.2)
    faraday-http-cache (2.5.1)
      faraday (>= 0.8)
    faraday-net_http (3.1.0)
      net-http
    fiber-annotation (0.2.0)
    fiber-local (1.0.0)
    github_changelog_generator (1.16.4)
      activesupport
      async (>= 1.25.0)
      async-http-faraday
      faraday-http-cache
      multi_json
      octokit (~> 4.6)
      rainbow (>= 2.2.1)
      rake (>= 10.0)
    i18n (1.14.5)
      concurrent-ruby (~> 1.0)
    io-endpoint (0.10.2)
    io-event (1.5.1)
    io-stream (0.4.0)
    json (2.7.2)
    language_server-protocol (3.17.0.3)
    logger (1.6.0)
    loofah (2.22.0)
      crass (~> 1.0.2)
      nokogiri (>= 1.12.0)
    mini_magick (4.12.0)
    minitest (5.23.1)
    multi_json (1.15.0)
    mustermann (3.0.0)
      ruby2_keywords (~> 0.0.1)
    mutex_m (0.2.0)
    mysql2 (0.5.6)
    net-http (0.4.1)
      uri
    nio4r (2.7.1)
    nokogiri (1.16.5-aarch64-linux)
      racc (~> 1.4)
    nokogiri (1.16.5-arm-linux)
      racc (~> 1.4)
    nokogiri (1.16.5-arm64-darwin)
      racc (~> 1.4)
    nokogiri (1.16.5-x86-linux)
      racc (~> 1.4)
    nokogiri (1.16.5-x86_64-darwin)
      racc (~> 1.4)
    nokogiri (1.16.5-x86_64-linux)
      racc (~> 1.4)
    octokit (4.25.1)
      faraday (>= 1, < 3)
      sawyer (~> 0.9)
    pagy (8.4.4)
    parallel (1.25.1)
    parser (3.3.3.0)
      ast (~> 2.4.1)
      racc
    prism (0.30.0)
    protocol-hpack (1.4.3)
    protocol-http (0.26.4)
    protocol-http1 (0.19.1)
      protocol-http (~> 0.22)
    protocol-http2 (0.17.0)
      protocol-hpack (~> 1.4)
      protocol-http (~> 0.18)
    public_suffix (5.0.5)
    puma (6.4.2)
      nio4r (~> 2.0)
    racc (1.8.0)
    rack (3.0.10)
    rack-protection (4.0.0)
      base64 (>= 0.1.0)
      rack (>= 3.0.0, < 4)
    rack-session (2.0.0)
      rack (>= 3.0.0)
    rackup (2.1.0)
      rack (>= 3)
      webrick (~> 1.8)
    rails-dom-testing (2.2.0)
      activesupport (>= 5.0.0)
      minitest
      nokogiri (>= 1.6)
    rails-html-sanitizer (1.6.0)
      loofah (~> 2.21)
      nokogiri (~> 1.14)
    rainbow (3.1.1)
    rake (13.2.1)
    rbs (3.5.1)
      logger
    regexp_parser (2.9.2)
    rexml (3.3.0)
      strscan
    rubocop (1.64.1)
      json (~> 2.3)
      language_server-protocol (>= 3.17.0)
      parallel (~> 1.10)
      parser (>= 3.3.0.2)
      rainbow (>= 2.2.2, < 4.0)
      regexp_parser (>= 1.8, < 3.0)
      rexml (>= 3.2.5, < 4.0)
      rubocop-ast (>= 1.31.1, < 2.0)
      ruby-progressbar (~> 1.7)
      unicode-display_width (>= 2.4.0, < 3.0)
    rubocop-ast (1.31.3)
      parser (>= 3.3.1.0)
    rubocop-performance (1.21.0)
      rubocop (>= 1.48.1, < 2.0)
      rubocop-ast (>= 1.31.1, < 2.0)
    rubocop-rake (0.6.0)
      rubocop (~> 1.0)
    rubocop-rspec (3.0.1)
      rubocop (~> 1.61)
    ruby-lsp (0.17.3)
      language_server-protocol (~> 3.17.0)
      prism (>= 0.29.0, < 0.31)
      rbs (>= 3, < 4)
      sorbet-runtime (>= 0.5.10782)
    ruby-progressbar (1.13.0)
    ruby2_keywords (0.0.5)
    sawyer (0.9.2)
      addressable (>= 2.3.5)
      faraday (>= 0.17.3, < 3)
    sinatra (4.0.0)
      mustermann (~> 3.0)
      rack (>= 3.0.0, < 4)
      rack-protection (= 4.0.0)
      rack-session (>= 2.0.0, < 3)
      tilt (~> 2.0)
    sinatra-activerecord (2.0.27)
      activerecord (>= 4.1)
      sinatra (>= 1.0)
    sinatra-contrib (4.0.0)
      multi_json (>= 0.0.2)
      mustermann (~> 3.0)
      rack-protection (= 4.0.0)
      sinatra (= 4.0.0)
      tilt (~> 2.0)
    sorbet-runtime (0.5.11429)
    sqlite3 (2.0.2-aarch64-linux-gnu)
    sqlite3 (2.0.2-aarch64-linux-musl)
    sqlite3 (2.0.2-arm-linux-gnu)
    sqlite3 (2.0.2-arm-linux-musl)
    sqlite3 (2.0.2-arm64-darwin)
    sqlite3 (2.0.2-x86-linux-gnu)
    sqlite3 (2.0.2-x86-linux-musl)
    sqlite3 (2.0.2-x86_64-darwin)
    sqlite3 (2.0.2-x86_64-linux-gnu)
    sqlite3 (2.0.2-x86_64-linux-musl)
    streamio-ffmpeg (3.0.2)
      multi_json (~> 1.8)
    strscan (3.1.0)
    tilt (2.3.0)
    timeout (0.4.1)
    timers (4.3.5)
    traces (0.11.1)
    tzinfo (2.0.6)
      concurrent-ruby (~> 1.0)
    unicode-display_width (2.5.0)
    uri (0.13.0)
    webrick (1.8.1)
    wikipedia-client (1.17.0)
      addressable (~> 2.7)

PLATFORMS
  aarch64-linux
  aarch64-linux-gnu
  aarch64-linux-musl
  arm-linux
  arm-linux-gnu
  arm-linux-musl
  arm64-darwin
  x86-linux
  x86-linux-gnu
  x86-linux-musl
  x86_64-darwin
  x86_64-linux
  x86_64-linux-gnu
  x86_64-linux-musl

DEPENDENCIES
  actionview
  activerecord
  config
  faraday
  github_changelog_generator
  mini_magick
  mysql2
  pagy
  parallel
  puma
  rackup
  rake
  rubocop
  rubocop-performance
  rubocop-rake
  rubocop-rspec
  ruby-lsp
  sinatra
  sinatra-activerecord
  sinatra-contrib
  sqlite3
  streamio-ffmpeg
  wikipedia-client

BUNDLED WITH
   2.5.6
