GEM
  remote: https://rubygems.org/
  specs:
    actionview (8.0.1)
      activesupport (= 8.0.1)
      builder (~> 3.1)
      erubi (~> 1.11)
      rails-dom-testing (~> 2.2)
      rails-html-sanitizer (~> 1.6)
    activemodel (8.0.1)
      activesupport (= 8.0.1)
    activerecord (8.0.1)
      activemodel (= 8.0.1)
      activesupport (= 8.0.1)
      timeout (>= 0.4.0)
    activesupport (8.0.1)
      base64
      benchmark (>= 0.3)
      bigdecimal
      concurrent-ruby (~> 1.0, >= 1.3.1)
      connection_pool (>= 2.2.5)
      drb
      i18n (>= 1.6, < 2)
      logger (>= 1.4.2)
      minitest (>= 5.1)
      securerandom (>= 0.3)
      tzinfo (~> 2.0, >= 2.0.5)
      uri (>= 0.13.1)
    addressable (2.8.7)
      public_suffix (>= 2.0.2, < 7.0)
    ast (2.4.2)
    async (2.17.0)
      console (~> 1.26)
      fiber-annotation
      io-event (~> 1.6, >= 1.6.5)
    async-http (0.80.0)
      async (>= 2.10.2)
      async-pool (~> 0.7)
      io-endpoint (~> 0.11)
      io-stream (~> 0.4)
      protocol-http (~> 0.37)
      protocol-http1 (~> 0.27)
      protocol-http2 (~> 0.19)
      traces (>= 0.10)
    async-http-faraday (0.19.0)
      async-http (~> 0.42)
      faraday
    async-pool (0.8.1)
      async (>= 1.25)
      metrics
      traces
    base64 (0.2.0)
    benchmark (0.4.0)
    bigdecimal (3.1.8)
    builder (3.3.0)
    concurrent-ruby (1.3.4)
    config (5.5.2)
      deep_merge (~> 1.2, >= 1.2.1)
      ostruct
    connection_pool (2.4.1)
    console (1.27.0)
      fiber-annotation
      fiber-local (~> 1.1)
      json
    crass (1.0.6)
    deep_merge (1.2.2)
    drb (2.2.1)
    erubi (1.13.0)
    faraday (2.12.2)
      faraday-net_http (>= 2.0, < 3.5)
      json
      logger
    faraday-http-cache (2.5.1)
      faraday (>= 0.8)
    faraday-net_http (3.4.0)
      net-http (>= 0.5.0)
    fiber-annotation (0.2.0)
    fiber-local (1.1.0)
      fiber-storage
    fiber-storage (1.0.0)
    github_changelog_generator (1.16.4)
      activesupport
      async (>= 1.25.0)
      async-http-faraday
      faraday-http-cache
      multi_json
      octokit (~> 4.6)
      rainbow (>= 2.2.1)
      rake (>= 10.0)
    i18n (1.14.6)
      concurrent-ruby (~> 1.0)
    io-endpoint (0.13.1)
    io-event (1.7.0)
    io-stream (0.4.3)
    json (2.9.1)
    language_server-protocol (3.17.0.3)
    logger (1.6.5)
    loofah (2.23.1)
      crass (~> 1.0.2)
      nokogiri (>= 1.12.0)
    metrics (0.10.2)
    mini_magick (5.1.0)
    minitest (5.25.4)
    multi_json (1.15.0)
    mustermann (3.0.3)
      ruby2_keywords (~> 0.0.1)
    mysql2 (0.5.6)
    net-http (0.6.0)
      uri
    nio4r (2.7.4)
    nokogiri (1.17.2-aarch64-linux)
      racc (~> 1.4)
    nokogiri (1.17.2-arm-linux)
      racc (~> 1.4)
    nokogiri (1.17.2-arm64-darwin)
      racc (~> 1.4)
    nokogiri (1.17.2-x86-linux)
      racc (~> 1.4)
    nokogiri (1.17.2-x86_64-darwin)
      racc (~> 1.4)
    nokogiri (1.17.2-x86_64-linux)
      racc (~> 1.4)
    octokit (4.25.1)
      faraday (>= 1, < 3)
      sawyer (~> 0.9)
    ostruct (0.6.0)
    pagy (9.3.3)
    parallel (1.26.3)
    parser (3.3.7.0)
      ast (~> 2.4.1)
      racc
    prism (1.3.0)
    protocol-hpack (1.5.1)
    protocol-http (0.37.0)
    protocol-http1 (0.27.0)
      protocol-http (~> 0.22)
    protocol-http2 (0.19.3)
      protocol-hpack (~> 1.4)
      protocol-http (~> 0.18)
    public_suffix (6.0.1)
    puma (6.5.0)
      nio4r (~> 2.0)
    racc (1.8.1)
    rack (3.1.8)
    rack-protection (4.1.1)
      base64 (>= 0.1.0)
      logger (>= 1.6.0)
      rack (>= 3.0.0, < 4)
    rack-session (2.0.0)
      rack (>= 3.0.0)
    rackup (2.2.1)
      rack (>= 3)
    rails-dom-testing (2.2.0)
      activesupport (>= 5.0.0)
      minitest
      nokogiri (>= 1.6)
    rails-html-sanitizer (1.6.2)
      loofah (~> 2.21)
      nokogiri (>= 1.15.7, != 1.16.7, != 1.16.6, != 1.16.5, != 1.16.4, != 1.16.3, != 1.16.2, != 1.16.1, != 1.16.0.rc1, != 1.16.0)
    rainbow (3.1.1)
    rake (13.2.1)
    rbs (3.8.1)
      logger
    regexp_parser (2.10.0)
    rubocop (1.70.0)
      json (~> 2.3)
      language_server-protocol (>= 3.17.0)
      parallel (~> 1.10)
      parser (>= 3.3.0.2)
      rainbow (>= 2.2.2, < 4.0)
      regexp_parser (>= 2.9.3, < 3.0)
      rubocop-ast (>= 1.36.2, < 2.0)
      ruby-progressbar (~> 1.7)
      unicode-display_width (>= 2.4.0, < 4.0)
    rubocop-ast (1.37.0)
      parser (>= 3.3.1.0)
    rubocop-performance (1.23.1)
      rubocop (>= 1.48.1, < 2.0)
      rubocop-ast (>= 1.31.1, < 2.0)
    rubocop-rake (0.6.0)
      rubocop (~> 1.0)
    rubocop-rspec (3.4.0)
      rubocop (~> 1.61)
    ruby-lsp (0.23.6)
      language_server-protocol (~> 3.17.0)
      prism (>= 1.2, < 2.0)
      rbs (>= 3, < 4)
      sorbet-runtime (>= 0.5.10782)
    ruby-progressbar (1.13.0)
    ruby2_keywords (0.0.5)
    sawyer (0.9.2)
      addressable (>= 2.3.5)
      faraday (>= 0.17.3, < 3)
    securerandom (0.4.1)
    sinatra (4.1.1)
      logger (>= 1.6.0)
      mustermann (~> 3.0)
      rack (>= 3.0.0, < 4)
      rack-protection (= 4.1.1)
      rack-session (>= 2.0.0, < 3)
      tilt (~> 2.0)
    sinatra-activerecord (2.0.28)
      activerecord (>= 4.1)
      sinatra (>= 1.0)
    sinatra-contrib (4.1.1)
      multi_json (>= 0.0.2)
      mustermann (~> 3.0)
      rack-protection (= 4.1.1)
      sinatra (= 4.1.1)
      tilt (~> 2.0)
    sorbet-runtime (0.5.11766)
    sqlite3 (2.5.0-aarch64-linux-gnu)
    sqlite3 (2.5.0-aarch64-linux-musl)
    sqlite3 (2.5.0-arm-linux-gnu)
    sqlite3 (2.5.0-arm-linux-musl)
    sqlite3 (2.5.0-arm64-darwin)
    sqlite3 (2.5.0-x86-linux-gnu)
    sqlite3 (2.5.0-x86-linux-musl)
    sqlite3 (2.5.0-x86_64-darwin)
    sqlite3 (2.5.0-x86_64-linux-gnu)
    sqlite3 (2.5.0-x86_64-linux-musl)
    streamio-ffmpeg (3.0.2)
      multi_json (~> 1.8)
    tilt (2.4.0)
    timeout (0.4.2)
    traces (0.13.1)
    tzinfo (2.0.6)
      concurrent-ruby (~> 1.0)
    unicode-display_width (3.1.4)
      unicode-emoji (~> 4.0, >= 4.0.4)
    unicode-emoji (4.0.4)
    uri (1.0.2)
    wikipedia-client (1.17.0)
      addressable (~> 2.7)

PLATFORMS
  aarch64-linux
  aarch64-linux-gnu
  aarch64-linux-musl
  arm-linux
  arm-linux-gnu
  arm-linux-musl
  arm64-darwin
  x86-linux
  x86-linux-gnu
  x86-linux-musl
  x86_64-darwin
  x86_64-linux
  x86_64-linux-gnu
  x86_64-linux-musl

DEPENDENCIES
  actionview
  activerecord
  config
  faraday
  github_changelog_generator
  mini_magick
  mysql2
  pagy
  parallel
  puma
  rackup
  rake
  rubocop
  rubocop-performance
  rubocop-rake
  rubocop-rspec
  ruby-lsp
  sinatra
  sinatra-activerecord
  sinatra-contrib
  sqlite3
  streamio-ffmpeg
  wikipedia-client

BUNDLED WITH
   2.5.16
